PATH
  remote: .
  specs:
    specifier (0.1.1)
      slop

GEM
  remote: https://rubygems.org/
  specs:
    byebug (9.1.0)
    coveralls (0.8.21)
      json (>= 1.8, < 3)
      simplecov (~> 0.14.1)
      term-ansicolor (~> 1.3)
      thor (~> 0.19.4)
      tins (~> 1.6)
    diff-lcs (1.3)
    docile (1.1.5)
    json (2.1.0)
    rake (12.0.0)
    rspec (3.6.0)
      rspec-core (~> 3.6.0)
      rspec-expectations (~> 3.6.0)
      rspec-mocks (~> 3.6.0)
    rspec-core (3.6.0)
      rspec-support (~> 3.6.0)
    rspec-expectations (3.6.0)
      diff-lcs (>= 1.2.0, < 2.0)
      rspec-support (~> 3.6.0)
    rspec-mocks (3.6.0)
      diff-lcs (>= 1.2.0, < 2.0)
      rspec-support (~> 3.6.0)
    rspec-support (3.6.0)
    simplecov (0.14.1)
      docile (~> 1.1.0)
      json (>= 1.8, < 3)
      simplecov-html (~> 0.10.0)
    simplecov-html (0.10.2)
    slop (4.5.0)
    term-ansicolor (1.6.0)
      tins (~> 1.0)
    thor (0.19.4)
    tins (1.15.0)

PLATFORMS
  ruby

DEPENDENCIES
  bundler
  byebug
  coveralls
  rake
  rspec
  simplecov
  specifier!

BUNDLED WITH
   1.15.4
